GEM
  remote: https://rubygems.org/
  specs:
    minitest (5.22.3)
    rake (13.2.1)

PLATFORMS
  ruby
  x64-mingw32

DEPENDENCIES
  minitest
  rake

BUNDLED WITH
   2.1.4
